PATH
  remote: .
  specs:
    jetel (0.0.18)
      activesupport
      aws-sdk (~> 2)
      couchbase (~> 1.3, >= 1.3.14)
      csv2psql (~> 0.0.19)
      elasticsearch (~> 1.0, >= 1.0.14)
      gli
      i18n
      json_pure (~> 1.8, >= 1.8.3)
      multi_json
      nokogiri
      pg
      pmap
      rest_client (~> 1.8, >= 1.8.3)
      rubyzip (~> 1.2, >= 1.2.0)
      terminal-table
      yajl-ruby (~> 1.2, >= 1.2.1)
      zip-zip (~> 0.3)

GEM
  remote: https://rubygems.org/
  specs:
    activesupport (5.0.0.1)
      concurrent-ruby (~> 1.0, >= 1.0.2)
      i18n (~> 0.7)
      minitest (~> 5.1)
      tzinfo (~> 1.1)
    ast (2.3.0)
    aws-sdk (2.6.1)
      aws-sdk-resources (= 2.6.1)
    aws-sdk-core (2.6.1)
      jmespath (~> 1.0)
    aws-sdk-resources (2.6.1)
      aws-sdk-core (= 2.6.1)
    concurrent-ruby (1.0.2)
    connection_pool (2.2.0)
    couchbase (1.3.14)
      connection_pool (>= 1.0.0, <= 3.0.0)
      multi_json (~> 1.0)
      yaji (~> 0.3, >= 0.3.2)
    coveralls (0.8.15)
      json (>= 1.8, < 3)
      simplecov (~> 0.12.0)
      term-ansicolor (~> 1.3)
      thor (~> 0.19.1)
      tins (>= 1.6.0, < 2)
    csv2psql (0.0.19)
      gli (~> 2.13, >= 2.13.2)
      json_pure (~> 1.8, >= 1.8.3)
      lru (~> 0.1, >= 0.1.0)
      multi_json (~> 1.11, >= 1.11.2)
      rake (~> 10.4, >= 10.4.2)
      terminal-table (~> 1.5, >= 1.5.2)
    diff-lcs (1.2.5)
    docile (1.1.5)
    elasticsearch (1.1.0)
      elasticsearch-api (= 1.1.0)
      elasticsearch-transport (= 1.1.0)
    elasticsearch-api (1.1.0)
      multi_json
    elasticsearch-transport (1.1.0)
      faraday
      multi_json
    faraday (0.9.2)
      multipart-post (>= 1.2, < 3)
    gli (2.14.0)
    i18n (0.7.0)
    jmespath (1.3.1)
    json (2.0.2)
    json_pure (1.8.3)
    lru (0.1.0)
    mini_portile2 (2.1.0)
    minitest (5.9.0)
    multi_json (1.12.1)
    multipart-post (2.0.0)
    netrc (0.7.9)
    nokogiri (1.6.8)
      mini_portile2 (~> 2.1.0)
      pkg-config (~> 1.1.7)
    parser (2.3.1.4)
      ast (~> 2.2)
    pg (0.18.4)
    pkg-config (1.1.7)
    pmap (1.1.1)
    powerpack (0.1.1)
    rainbow (2.1.0)
    rake (10.5.0)
    rest_client (1.8.3)
      netrc (~> 0.7.7)
    rspec (3.5.0)
      rspec-core (~> 3.5.0)
      rspec-expectations (~> 3.5.0)
      rspec-mocks (~> 3.5.0)
    rspec-core (3.5.3)
      rspec-support (~> 3.5.0)
    rspec-expectations (3.5.0)
      diff-lcs (>= 1.2.0, < 2.0)
      rspec-support (~> 3.5.0)
    rspec-mocks (3.5.0)
      diff-lcs (>= 1.2.0, < 2.0)
      rspec-support (~> 3.5.0)
    rspec-support (3.5.0)
    rubocop (0.43.0)
      parser (>= 2.3.1.1, < 3.0)
      powerpack (~> 0.1)
      rainbow (>= 1.99.1, < 3.0)
      ruby-progressbar (~> 1.7)
      unicode-display_width (~> 1.0, >= 1.0.1)
    ruby-progressbar (1.8.1)
    rubyzip (1.2.0)
    simplecov (0.12.0)
      docile (~> 1.1.0)
      json (>= 1.8, < 3)
      simplecov-html (~> 0.10.0)
    simplecov-html (0.10.0)
    term-ansicolor (1.3.2)
      tins (~> 1.0)
    terminal-table (1.7.2)
      unicode-display_width (~> 1.1.1)
    thor (0.19.1)
    thread_safe (0.3.5)
    tins (1.12.0)
    tzinfo (1.2.2)
      thread_safe (~> 0.1)
    unicode-display_width (1.1.1)
    yaji (0.3.5)
    yajl-ruby (1.2.1)
    zip-zip (0.3)
      rubyzip (>= 1.0.0)

PLATFORMS
  ruby

DEPENDENCIES
  bundler (~> 1.5)
  coveralls
  jetel!
  rake
  rspec
  rubocop (~> 0.35, >= 0.35.0)
  simplecov

BUNDLED WITH
   1.11.2
